GEM
  remote: https://rubygems.org/
  specs:
    alchemy-flux (1.3.0)
      amqp (~> 1.8)
      eventmachine (~> 1.2)
      rack (~> 2.0)
      uuidtools (~> 2.1)
    amq-protocol (2.3.2)
    amqp (1.8.0)
      amq-protocol (>= 2.2.0)
      eventmachine
    daemons (1.4.1)
    dalli (2.7.11)
    diff-lcs (1.4.4)
    eventmachine (1.2.7)
    hoodoo (2.12.10)
      dalli (~> 2.7)
      rack
    rack (2.2.3)
    rack-test (1.1.0)
      rack (>= 1.0, < 3)
    rspec (3.10.0)
      rspec-core (~> 3.10.0)
      rspec-expectations (~> 3.10.0)
      rspec-mocks (~> 3.10.0)
    rspec-core (3.10.1)
      rspec-support (~> 3.10.0)
    rspec-expectations (3.10.1)
      diff-lcs (>= 1.2.0, < 2.0)
      rspec-support (~> 3.10.0)
    rspec-mocks (3.10.2)
      diff-lcs (>= 1.2.0, < 2.0)
      rspec-support (~> 3.10.0)
    rspec-support (3.10.3)
    thin (1.8.1)
      daemons (~> 1.0, >= 1.0.9)
      eventmachine (~> 1.0, >= 1.0.4)
      rack (>= 1, < 3)
    uuidtools (2.2.0)

PLATFORMS
  ruby

DEPENDENCIES
  alchemy-flux (~> 1.3)
  hoodoo (~> 2.7)
  rack (~> 2.0)
  rack-test (~> 1.1)
  rspec (~> 3.8)
  thin (~> 1.8)

RUBY VERSION
   ruby 2.7.3p183

BUNDLED WITH
   2.1.4
